GEM
  remote: https://rubygems.org/
  specs:
    rack (2.0.8)

PLATFORMS
  ruby

DEPENDENCIES
  rack (~> 2.0.8)

RUBY VERSION
   ruby 2.5.7p206

BUNDLED WITH
   1.17.3
